GEM
  remote: http://rubygems.org/
  specs:
    cabin (0.1.7)
      json
    haml (3.1.4)
    jls-grok (0.10.0)
      cabin (= 0.1.7)
    json (1.6.5)
    rack (1.4.1)
    rack-protection (1.2.0)
      rack
    sass (3.1.12)
    sinatra (1.3.2)
      rack (~> 1.3, >= 1.3.6)
      rack-protection (~> 1.2)
      tilt (~> 1.3, >= 1.3.3)
    tilt (1.3.3)

PLATFORMS
  ruby

DEPENDENCIES
  haml
  jls-grok (= 0.10.0)
  sass
  sinatra
